NUGET
  remote: https://www.nuget.org/api/v2
    Unquote (3.1.1)
